GEM
  remote: https://rubygems.org/
  specs:
    bson (4.2.1)
    byebug (9.0.6)
    ethon (0.10.1)
      ffi (>= 1.3.0)
    ffi (1.9.18)
    mini_portile2 (2.2.0)
    mongo (2.4.2)
      bson (>= 4.2.1, < 5.0.0)
    nokogiri (1.8.0)
      mini_portile2 (~> 2.2.0)
    typhoeus (1.1.2)
      ethon (>= 0.9.0)

PLATFORMS
  ruby

DEPENDENCIES
  byebug
  mongo
  nokogiri
  typhoeus

BUNDLED WITH
   1.15.1
